GEM
  remote: https://rubygems.org/
  specs:
    activemodel (3.2.19)
      activesupport (= 3.2.19)
      builder (~> 3.0.0)
    activesupport (3.2.19)
      i18n (~> 0.6, >= 0.6.4)
      multi_json (~> 1.0)
    bicrypt (1.2.0)
    bson (1.11.1)
    bson_ext (1.11.1)
      bson (~> 1.11.1)
    builder (3.0.4)
    chronic (0.10.2)
    gibberish (1.4.0)
    i18n (0.6.11)
    mongo (1.11.1)
      bson (= 1.11.1)
    mongo_mapper (0.12.0)
      activemodel (~> 3.0)
      activesupport (~> 3.0)
      plucky (~> 0.5.2)
    multi_json (1.10.1)
    plucky (0.5.2)
      mongo (~> 1.5)
    thor (0.19.1)

PLATFORMS
  ruby

DEPENDENCIES
  bicrypt
  bson_ext
  bundler
  chronic
  gibberish
  mongo_mapper (= 0.12.0)
  thor
